PATH
  remote: .
  specs:
    akaer (0.2.0)
      cowtech-extensions (~> 2.5.0)
      cowtech-lib (~> 1.9.8.0)
      hashie (~> 1.2.0)
      rainbow (~> 1.1.0)

GEM
  remote: http://rubygems.org/
  specs:
    actionpack (3.2.6)
      activemodel (= 3.2.6)
      activesupport (= 3.2.6)
      builder (~> 3.0.0)
      erubis (~> 2.7.0)
      journey (~> 1.0.1)
      rack (~> 1.4.0)
      rack-cache (~> 1.2)
      rack-test (~> 0.6.1)
      sprockets (~> 2.1.3)
    activemodel (3.2.6)
      activesupport (= 3.2.6)
      builder (~> 3.0.0)
    activesupport (3.2.6)
      i18n (~> 0.6)
      multi_json (~> 1.0)
    builder (3.0.0)
    coderay (1.0.6)
    cowtech-extensions (2.5.1)
      actionpack (~> 3.0)
      json (~> 1.7.0)
      tzinfo (~> 0.3.0)
    cowtech-lib (1.9.8.1)
      jeweler
      open4
    diff-lcs (1.1.3)
    erubis (2.7.0)
    git (1.2.5)
    hashie (1.2.0)
    hike (1.2.1)
    i18n (0.6.0)
    jeweler (1.8.4)
      bundler (~> 1.0)
      git (>= 1.2.5)
      rake
      rdoc
    journey (1.0.4)
    json (1.7.3)
    method_source (0.7.1)
    multi_json (1.3.6)
    open4 (1.3.0)
    pry (0.9.9.6)
      coderay (~> 1.0.5)
      method_source (~> 0.7.1)
      slop (>= 2.4.4, < 3)
    rack (1.4.1)
    rack-cache (1.2)
      rack (>= 0.4)
    rack-test (0.6.1)
      rack (>= 1.0)
    rainbow (1.1.4)
    rake (0.9.2.2)
    rcov (1.0.0)
    rdoc (3.12)
      json (~> 1.4)
    rspec (2.11.0)
      rspec-core (~> 2.11.0)
      rspec-expectations (~> 2.11.0)
      rspec-mocks (~> 2.11.0)
    rspec-core (2.11.0)
    rspec-expectations (2.11.1)
      diff-lcs (~> 1.1.3)
    rspec-mocks (2.11.0)
    slop (2.4.4)
    sprockets (2.1.3)
      hike (~> 1.2)
      rack (~> 1.0)
      tilt (~> 1.1, != 1.3.0)
    tilt (1.3.3)
    tzinfo (0.3.33)

PLATFORMS
  ruby

DEPENDENCIES
  akaer!
  pry (~> 0.9.9)
  rcov (~> 1.0.0)
  rspec (~> 2.11.0)
